GEM
  remote: https://rubygems.org/
  specs:
    diff-lcs (1.2.4)
    github-markdown (0.5.3)
    github-markup (0.7.5)
    gollum (2.5.0)
      gollum-lib (~> 1.0.4)
      mustache (>= 0.99.4, < 1.0.0)
      sinatra (~> 1.4.2)
      useragent (~> 0.6.0)
    gollum-lib (1.0.6)
      github-markdown (~> 0.5.3)
      github-markup (>= 0.7.5, < 1.0.0)
      grit (~> 2.5.0)
      nokogiri (~> 1.6.0)
      pygments.rb (~> 0.5.2)
      sanitize (~> 2.0.6)
      stringex (~> 2.0.5)
    grit (2.5.0)
      diff-lcs (~> 1.1)
      mime-types (~> 1.15)
      posix-spawn (~> 0.3.6)
    kgio (2.8.0)
    mime-types (1.23)
    mini_portile (0.5.1)
    mustache (0.99.4)
    nokogiri (1.6.0)
      mini_portile (~> 0.5.0)
    posix-spawn (0.3.6)
    pygments.rb (0.5.2)
      posix-spawn (~> 0.3.6)
      yajl-ruby (~> 1.1.0)
    rack (1.5.2)
    rack-protection (1.5.0)
      rack
    raindrops (0.11.0)
    sanitize (2.0.6)
      nokogiri (>= 1.4.4)
    sinatra (1.4.3)
      rack (~> 1.4)
      rack-protection (~> 1.4)
      tilt (~> 1.3, >= 1.3.4)
    stringex (2.0.8)
    tilt (1.4.1)
    unicorn (4.6.3)
      kgio (~> 2.6)
      rack
      raindrops (~> 0.7)
    useragent (0.6.0)
    yajl-ruby (1.1.0)

PLATFORMS
  ruby

DEPENDENCIES
  gollum (~> 2.5.0)
  unicorn (~> 4.6.3)
